PATH
  remote: gemoc-jekyll-scholar-extras
  specs:
    jekyll-scholar-extras-gemoc (0.1.3)
      bibtex-ruby (~> 4.0, >= 4.0.13)
      citeproc-ruby (~> 1.0)
      jekyll (>= 3, < 5)
      jekyll-scholar (~> 5.8)

GEM
  remote: https://rubygems.org/
  specs:
    addressable (2.7.0)
      public_suffix (>= 2.0.2, < 5.0)
    bibtex-ruby (4.4.4)
      latex-decode (~> 0.0)
    citeproc (1.0.5)
      namae (~> 0.8)
    citeproc-ruby (1.1.7)
      citeproc (>= 1.0.4, < 2.0)
      csl (~> 1.4)
    colorator (1.1.0)
    concurrent-ruby (1.1.5)
    csl (1.4.5)
      namae (~> 0.7)
    csl-styles (1.0.1.8)
      csl (~> 1.0)
    em-websocket (0.5.1)
      eventmachine (>= 0.12.9)
      http_parser.rb (~> 0.6.0)
    eventmachine (1.2.7)
    ffi (1.12.2)
    forwardable-extended (2.6.0)
    http_parser.rb (0.6.0)
    i18n (0.9.5)
      concurrent-ruby (~> 1.0)
    jekyll (3.8.6)
      addressable (~> 2.4)
      colorator (~> 1.0)
      em-websocket (~> 0.5)
      i18n (~> 0.7)
      jekyll-sass-converter (~> 1.0)
      jekyll-watch (~> 2.0)
      kramdown (~> 1.14)
      liquid (~> 4.0)
      mercenary (~> 0.3.3)
      pathutil (~> 0.9)
      rouge (>= 1.7, < 4)
      safe_yaml (~> 1.0)
    jekyll-paginate (1.1.0)
    jekyll-redirect-from (0.12.1)
      jekyll (~> 3.3)
    jekyll-sass-converter (1.5.2)
      sass (~> 3.4)
    jekyll-scholar (5.10.2)
      bibtex-ruby (~> 4.0, >= 4.0.13)
      citeproc-ruby (~> 1.0)
      csl-styles (~> 1.0)
      jekyll (~> 3.0)
    jekyll-sitemap (1.1.1)
      jekyll (~> 3.3)
    jekyll-twitter-plugin (2.0.0)
    jekyll-watch (2.2.1)
      listen (~> 3.0)
    kramdown (1.17.0)
    latex-decode (0.2.2)
      unicode (~> 0.4)
    liquid (4.0.3)
    listen (3.2.1)
      rb-fsevent (~> 0.10, >= 0.10.3)
      rb-inotify (~> 0.9, >= 0.9.10)
    mercenary (0.3.6)
    namae (0.11.3)
    pathutil (0.16.2)
      forwardable-extended (~> 2.6)
    public_suffix (4.0.3)
    rb-fsevent (0.10.3)
    rb-inotify (0.10.1)
      ffi (~> 1.0)
    rouge (2.2.1)
    safe_yaml (1.0.5)
    sass (3.7.4)
      sass-listen (~> 4.0.0)
    sass-listen (4.0.0)
      rb-fsevent (~> 0.9, >= 0.9.4)
      rb-inotify (~> 0.9, >= 0.9.7)
    unicode (0.4.4.4)

PLATFORMS
  ruby

DEPENDENCIES
  jekyll
  jekyll-paginate
  jekyll-redirect-from
  jekyll-scholar
  jekyll-scholar-extras-gemoc!
  jekyll-sitemap
  jekyll-twitter-plugin
  rouge

BUNDLED WITH
   1.15.4
